STORAGE: NONE
RESTRICTION: || (== net6.0) (== net7.0) (== net8.0) (== netstandard2.0)
NUGET
  remote: https://api.nuget.org/v3/index.json
    Microsoft.AspNetCore.App.Ref (7.0.15)
    Microsoft.AspNetCore.App.Runtime.linux-x64 (7.0.15)
    Microsoft.AspNetCore.Authentication.Abstractions (2.2) - restriction: || (&& (== net6.0) (< netcoreapp3.0)) (&& (== net7.0) (< netcoreapp3.0)) (&& (== net8.0) (< netcoreapp3.0)) (== netstandard2.0)
      Microsoft.AspNetCore.Http.Abstractions (>= 2.2)
      Microsoft.Extensions.Logging.Abstractions (>= 2.2)
      Microsoft.Extensions.Options (>= 2.2)
    Microsoft.AspNetCore.Authentication.Core (2.2) - restriction: || (&& (== net6.0) (< netcoreapp3.0)) (&& (== net7.0) (< netcoreapp3.0)) (&& (== net8.0) (< netcoreapp3.0)) (== netstandard2.0)
      Microsoft.AspNetCore.Authentication.Abstractions (>= 2.2)
      Microsoft.AspNetCore.Http (>= 2.2)
      Microsoft.AspNetCore.Http.Extensions (>= 2.2)
    Microsoft.AspNetCore.Authorization (8.0.1) - restriction: || (&& (== net6.0) (< netcoreapp3.0)) (&& (== net7.0) (< netcoreapp3.0)) (&& (== net8.0) (< netcoreapp3.0)) (== netstandard2.0)
      Microsoft.AspNetCore.Metadata (>= 8.0.1)
      Microsoft.Extensions.Logging.Abstractions (>= 8.0)
      Microsoft.Extensions.Options (>= 8.0.1)
    Microsoft.AspNetCore.Authorization.Policy (2.2) - restriction: || (&& (== net6.0) (< netcoreapp3.0)) (&& (== net7.0) (< netcoreapp3.0)) (&& (== net8.0) (< netcoreapp3.0)) (== netstandard2.0)
      Microsoft.AspNetCore.Authentication.Abstractions (>= 2.2)
      Microsoft.AspNetCore.Authorization (>= 2.2)
    Microsoft.AspNetCore.Hosting.Abstractions (2.2) - restriction: || (&& (== net6.0) (< netcoreapp3.0)) (&& (== net7.0) (< netcoreapp3.0)) (&& (== net8.0) (< netcoreapp3.0)) (== netstandard2.0)
      Microsoft.AspNetCore.Hosting.Server.Abstractions (>= 2.2)
      Microsoft.AspNetCore.Http.Abstractions (>= 2.2)
      Microsoft.Extensions.Hosting.Abstractions (>= 2.2)
    Microsoft.AspNetCore.Hosting.Server.Abstractions (2.2) - restriction: || (&& (== net6.0) (< netcoreapp3.0)) (&& (== net7.0) (< netcoreapp3.0)) (&& (== net8.0) (< netcoreapp3.0)) (== netstandard2.0)
      Microsoft.AspNetCore.Http.Features (>= 2.2)
      Microsoft.Extensions.Configuration.Abstractions (>= 2.2)
    Microsoft.AspNetCore.Http (2.2.2) - restriction: || (&& (== net6.0) (< netcoreapp3.0)) (&& (== net7.0) (< netcoreapp3.0)) (&& (== net8.0) (< netcoreapp3.0)) (== netstandard2.0)
      Microsoft.AspNetCore.Http.Abstractions (>= 2.2)
      Microsoft.AspNetCore.WebUtilities (>= 2.2)
      Microsoft.Extensions.ObjectPool (>= 2.2)
      Microsoft.Extensions.Options (>= 2.2)
      Microsoft.Net.Http.Headers (>= 2.2)
    Microsoft.AspNetCore.Http.Abstractions (2.2) - restriction: || (&& (== net6.0) (< netcoreapp3.0)) (&& (== net7.0) (< netcoreapp3.0)) (&& (== net8.0) (< netcoreapp3.0)) (== netstandard2.0)
      Microsoft.AspNetCore.Http.Features (>= 2.2)
      System.Text.Encodings.Web (>= 4.5)
    Microsoft.AspNetCore.Http.Extensions (2.2) - restriction: || (&& (== net6.0) (< netcoreapp3.0)) (&& (== net7.0) (< netcoreapp3.0)) (&& (== net8.0) (< netcoreapp3.0)) (== netstandard2.0)
      Microsoft.AspNetCore.Http.Abstractions (>= 2.2)
      Microsoft.Extensions.FileProviders.Abstractions (>= 2.2)
      Microsoft.Net.Http.Headers (>= 2.2)
      System.Buffers (>= 4.5)
    Microsoft.AspNetCore.Http.Features (5.0.17) - restriction: || (&& (== net6.0) (< netcoreapp3.0)) (&& (== net7.0) (< netcoreapp3.0)) (&& (== net8.0) (< netcoreapp3.0)) (== netstandard2.0)
      Microsoft.Extensions.Primitives (>= 5.0.1)
      System.IO.Pipelines (>= 5.0.2)
    Microsoft.AspNetCore.Metadata (8.0.1) - restriction: || (&& (== net6.0) (>= net462)) (&& (== net6.0) (< netcoreapp3.0)) (&& (== net7.0) (>= net462)) (&& (== net7.0) (< netcoreapp3.0)) (&& (== net8.0) (>= net462)) (&& (== net8.0) (< netcoreapp3.0)) (== netstandard2.0)
    Microsoft.AspNetCore.Mvc.Abstractions (2.2) - restriction: || (&& (== net6.0) (< netcoreapp3.0)) (&& (== net7.0) (< netcoreapp3.0)) (&& (== net8.0) (< netcoreapp3.0)) (== netstandard2.0)
      Microsoft.AspNetCore.Routing.Abstractions (>= 2.2)
      Microsoft.Net.Http.Headers (>= 2.2)
    Microsoft.AspNetCore.Mvc.ApiExplorer (2.2) - restriction: || (&& (== net6.0) (< netcoreapp3.0)) (&& (== net7.0) (< netcoreapp3.0)) (&& (== net8.0) (< netcoreapp3.0)) (== netstandard2.0)
      Microsoft.AspNetCore.Mvc.Core (>= 2.2)
    Microsoft.AspNetCore.Mvc.Core (2.2.5) - restriction: || (&& (== net6.0) (< netcoreapp3.0)) (&& (== net7.0) (< netcoreapp3.0)) (&& (== net8.0) (< netcoreapp3.0)) (== netstandard2.0)
      Microsoft.AspNetCore.Authentication.Core (>= 2.2)
      Microsoft.AspNetCore.Authorization.Policy (>= 2.2)
      Microsoft.AspNetCore.Hosting.Abstractions (>= 2.2)
      Microsoft.AspNetCore.Http (>= 2.2)
      Microsoft.AspNetCore.Http.Extensions (>= 2.2)
      Microsoft.AspNetCore.Mvc.Abstractions (>= 2.2)
      Microsoft.AspNetCore.ResponseCaching.Abstractions (>= 2.2)
      Microsoft.AspNetCore.Routing (>= 2.2)
      Microsoft.AspNetCore.Routing.Abstractions (>= 2.2)
      Microsoft.Extensions.DependencyInjection (>= 2.2)
      Microsoft.Extensions.DependencyModel (>= 2.1)
      Microsoft.Extensions.FileProviders.Abstractions (>= 2.2)
      Microsoft.Extensions.Logging.Abstractions (>= 2.2)
      System.Diagnostics.DiagnosticSource (>= 4.5)
      System.Threading.Tasks.Extensions (>= 4.5.1)
    Microsoft.AspNetCore.Mvc.DataAnnotations (2.2) - restriction: || (&& (== net6.0) (< netcoreapp3.0)) (&& (== net7.0) (< netcoreapp3.0)) (&& (== net8.0) (< netcoreapp3.0)) (== netstandard2.0)
      Microsoft.AspNetCore.Mvc.Core (>= 2.2)
      Microsoft.Extensions.Localization (>= 2.2)
      System.ComponentModel.Annotations (>= 4.5)
    Microsoft.AspNetCore.OpenApi (7.0.15)
      Microsoft.OpenApi (>= 1.4.3) - restriction: || (&& (== net6.0) (>= net7.0)) (== net7.0) (== net8.0) (&& (== netstandard2.0) (>= net7.0))
    Microsoft.AspNetCore.ResponseCaching.Abstractions (2.2) - restriction: || (&& (== net6.0) (< netcoreapp3.0)) (&& (== net7.0) (< netcoreapp3.0)) (&& (== net8.0) (< netcoreapp3.0)) (== netstandard2.0)
      Microsoft.Extensions.Primitives (>= 2.2)
    Microsoft.AspNetCore.Routing (2.2.2) - restriction: || (&& (== net6.0) (< netcoreapp3.0)) (&& (== net7.0) (< netcoreapp3.0)) (&& (== net8.0) (< netcoreapp3.0)) (== netstandard2.0)
      Microsoft.AspNetCore.Http.Extensions (>= 2.2)
      Microsoft.AspNetCore.Routing.Abstractions (>= 2.2)
      Microsoft.Extensions.Logging.Abstractions (>= 2.2)
      Microsoft.Extensions.ObjectPool (>= 2.2)
      Microsoft.Extensions.Options (>= 2.2)
    Microsoft.AspNetCore.Routing.Abstractions (2.2) - restriction: || (&& (== net6.0) (< netcoreapp3.0)) (&& (== net7.0) (< netcoreapp3.0)) (&& (== net8.0) (< netcoreapp3.0)) (== netstandard2.0)
      Microsoft.AspNetCore.Http.Abstractions (>= 2.2)
    Microsoft.AspNetCore.StaticFiles (2.2) - restriction: || (&& (== net6.0) (< netcoreapp3.0)) (&& (== net7.0) (< netcoreapp3.0)) (&& (== net8.0) (< netcoreapp3.0)) (== netstandard2.0)
      Microsoft.AspNetCore.Hosting.Abstractions (>= 2.2)
      Microsoft.AspNetCore.Http.Extensions (>= 2.2)
      Microsoft.Extensions.FileProviders.Abstractions (>= 2.2)
      Microsoft.Extensions.Logging.Abstractions (>= 2.2)
      Microsoft.Extensions.WebEncoders (>= 2.2)
    Microsoft.AspNetCore.WebUtilities (8.0.1) - restriction: || (&& (== net6.0) (< netcoreapp3.0)) (&& (== net7.0) (< netcoreapp3.0)) (&& (== net8.0) (< netcoreapp3.0)) (== netstandard2.0)
    Microsoft.Bcl.AsyncInterfaces (8.0) - restriction: || (&& (== net6.0) (>= net462)) (&& (== net6.0) (< netcoreapp3.0)) (&& (== net7.0) (>= net462)) (&& (== net7.0) (< netcoreapp3.0)) (&& (== net8.0) (>= net462)) (&& (== net8.0) (< netcoreapp3.0)) (== netstandard2.0)
      System.Threading.Tasks.Extensions (>= 4.5.4) - restriction: || (&& (== net6.0) (>= net462)) (&& (== net6.0) (< netstandard2.1)) (&& (== net7.0) (>= net462)) (&& (== net7.0) (< netstandard2.1)) (&& (== net8.0) (>= net462)) (&& (== net8.0) (< netstandard2.1)) (== netstandard2.0)
    Microsoft.Extensions.ApiDescription.Server (8.0.1)
    Microsoft.Extensions.Configuration.Abstractions (8.0) - restriction: || (&& (== net6.0) (>= net462)) (&& (== net6.0) (< netcoreapp3.0)) (&& (== net7.0) (>= net462)) (&& (== net7.0) (< netcoreapp3.0)) (&& (== net8.0) (>= net462)) (&& (== net8.0) (< netcoreapp3.0)) (== netstandard2.0)
      Microsoft.Extensions.Primitives (>= 8.0)
    Microsoft.Extensions.DependencyInjection (8.0) - restriction: || (&& (== net6.0) (< netcoreapp3.0)) (&& (== net7.0) (< netcoreapp3.0)) (&& (== net8.0) (< netcoreapp3.0)) (== netstandard2.0)
      Microsoft.Bcl.AsyncInterfaces (>= 8.0) - restriction: || (&& (== net6.0) (>= net462)) (&& (== net6.0) (< netstandard2.1)) (&& (== net7.0) (>= net462)) (&& (== net7.0) (< netstandard2.1)) (&& (== net8.0) (>= net462)) (&& (== net8.0) (< netstandard2.1)) (== netstandard2.0)
      Microsoft.Extensions.DependencyInjection.Abstractions (>= 8.0)
      System.Threading.Tasks.Extensions (>= 4.5.4) - restriction: || (&& (== net6.0) (>= net462)) (&& (== net6.0) (< netstandard2.1)) (&& (== net7.0) (>= net462)) (&& (== net7.0) (< netstandard2.1)) (&& (== net8.0) (>= net462)) (&& (== net8.0) (< netstandard2.1)) (== netstandard2.0)
    Microsoft.Extensions.DependencyInjection.Abstractions (8.0) - restriction: || (&& (== net6.0) (>= net462)) (&& (== net6.0) (< netcoreapp3.0)) (&& (== net7.0) (>= net462)) (&& (== net7.0) (< netcoreapp3.0)) (&& (== net8.0) (>= net462)) (&& (== net8.0) (< netcoreapp3.0)) (== netstandard2.0)
      Microsoft.Bcl.AsyncInterfaces (>= 8.0) - restriction: || (&& (== net6.0) (>= net462)) (&& (== net6.0) (< netstandard2.1)) (&& (== net7.0) (>= net462)) (&& (== net7.0) (< netstandard2.1)) (&& (== net8.0) (>= net462)) (&& (== net8.0) (< netstandard2.1)) (== netstandard2.0)
      System.Threading.Tasks.Extensions (>= 4.5.4) - restriction: || (&& (== net6.0) (>= net462)) (&& (== net6.0) (< netstandard2.1)) (&& (== net7.0) (>= net462)) (&& (== net7.0) (< netstandard2.1)) (&& (== net8.0) (>= net462)) (&& (== net8.0) (< netstandard2.1)) (== netstandard2.0)
    Microsoft.Extensions.DependencyModel (8.0) - restriction: || (&& (== net6.0) (< netcoreapp3.0)) (&& (== net7.0) (< netcoreapp3.0)) (&& (== net8.0) (< netcoreapp3.0)) (== netstandard2.0)
      System.Buffers (>= 4.5.1) - restriction: || (&& (== net6.0) (>= net462)) (&& (== net7.0) (>= net462)) (&& (== net7.0) (< net6.0)) (&& (== net8.0) (>= net462)) (&& (== net8.0) (< net6.0)) (== netstandard2.0)
      System.Memory (>= 4.5.5) - restriction: || (&& (== net6.0) (>= net462)) (&& (== net7.0) (>= net462)) (&& (== net7.0) (< net6.0)) (&& (== net8.0) (>= net462)) (&& (== net8.0) (< net6.0)) (== netstandard2.0)
      System.Text.Encodings.Web (>= 8.0)
      System.Text.Json (>= 8.0)
    Microsoft.Extensions.Diagnostics.Abstractions (8.0) - restriction: || (&& (== net6.0) (>= net462)) (&& (== net6.0) (< netcoreapp3.0)) (&& (== net7.0) (>= net462)) (&& (== net7.0) (< netcoreapp3.0)) (&& (== net8.0) (>= net462)) (&& (== net8.0) (< netcoreapp3.0)) (== netstandard2.0)
      Microsoft.Extensions.DependencyInjection.Abstractions (>= 8.0)
      Microsoft.Extensions.Options (>= 8.0)
      System.Buffers (>= 4.5.1) - restriction: || (&& (== net6.0) (>= net462)) (&& (== net7.0) (>= net462)) (&& (== net7.0) (< net6.0)) (&& (== net8.0) (>= net462)) (&& (== net8.0) (< net6.0)) (== netstandard2.0)
      System.Diagnostics.DiagnosticSource (>= 8.0)
      System.Memory (>= 4.5.5) - restriction: || (&& (== net6.0) (>= net462)) (&& (== net7.0) (>= net462)) (&& (== net7.0) (< net6.0)) (&& (== net8.0) (>= net462)) (&& (== net8.0) (< net6.0)) (== netstandard2.0)
    Microsoft.Extensions.FileProviders.Abstractions (8.0) - restriction: || (&& (== net6.0) (< netcoreapp3.0)) (&& (== net7.0) (< netcoreapp3.0)) (&& (== net8.0) (< netcoreapp3.0)) (== netstandard2.0)
      Microsoft.Extensions.Primitives (>= 8.0)
    Microsoft.Extensions.FileProviders.Embedded (8.0.1) - restriction: || (&& (== net6.0) (< netcoreapp3.0)) (&& (== net7.0) (< netcoreapp3.0)) (&& (== net8.0) (< netcoreapp3.0)) (== netstandard2.0)
      Microsoft.Extensions.FileProviders.Abstractions (>= 8.0)
    Microsoft.Extensions.Hosting.Abstractions (8.0) - restriction: || (&& (== net6.0) (< netcoreapp3.0)) (&& (== net7.0) (< netcoreapp3.0)) (&& (== net8.0) (< netcoreapp3.0)) (== netstandard2.0)
      Microsoft.Bcl.AsyncInterfaces (>= 8.0) - restriction: || (&& (== net6.0) (>= net462)) (&& (== net6.0) (< netstandard2.1)) (&& (== net7.0) (>= net462)) (&& (== net7.0) (< netstandard2.1)) (&& (== net8.0) (>= net462)) (&& (== net8.0) (< netstandard2.1)) (== netstandard2.0)
      Microsoft.Extensions.Configuration.Abstractions (>= 8.0)
      Microsoft.Extensions.DependencyInjection.Abstractions (>= 8.0)
      Microsoft.Extensions.Diagnostics.Abstractions (>= 8.0)
      Microsoft.Extensions.FileProviders.Abstractions (>= 8.0)
      Microsoft.Extensions.Logging.Abstractions (>= 8.0)
      System.Threading.Tasks.Extensions (>= 4.5.4) - restriction: || (&& (== net6.0) (>= net462)) (&& (== net6.0) (< netstandard2.1)) (&& (== net7.0) (>= net462)) (&& (== net7.0) (< netstandard2.1)) (&& (== net8.0) (>= net462)) (&& (== net8.0) (< netstandard2.1)) (== netstandard2.0)
    Microsoft.Extensions.Localization (8.0.1) - restriction: || (&& (== net6.0) (< netcoreapp3.0)) (&& (== net7.0) (< netcoreapp3.0)) (&& (== net8.0) (< netcoreapp3.0)) (== netstandard2.0)
      Microsoft.Extensions.DependencyInjection.Abstractions (>= 8.0)
      Microsoft.Extensions.Localization.Abstractions (>= 8.0.1)
      Microsoft.Extensions.Logging.Abstractions (>= 8.0)
      Microsoft.Extensions.Options (>= 8.0.1)
    Microsoft.Extensions.Localization.Abstractions (8.0.1) - restriction: || (&& (== net6.0) (>= net462)) (&& (== net6.0) (< netcoreapp3.0)) (&& (== net7.0) (>= net462)) (&& (== net7.0) (< netcoreapp3.0)) (&& (== net8.0) (>= net462)) (&& (== net8.0) (< netcoreapp3.0)) (== netstandard2.0)
    Microsoft.Extensions.Logging.Abstractions (8.0) - restriction: || (&& (== net6.0) (>= net462)) (&& (== net6.0) (< netcoreapp3.0)) (&& (== net7.0) (>= net462)) (&& (== net7.0) (< netcoreapp3.0)) (&& (== net8.0) (>= net462)) (&& (== net8.0) (< netcoreapp3.0)) (== netstandard2.0)
      Microsoft.Extensions.DependencyInjection.Abstractions (>= 8.0)
      System.Buffers (>= 4.5.1) - restriction: || (&& (== net6.0) (>= net462)) (&& (== net7.0) (>= net462)) (&& (== net7.0) (< net6.0)) (&& (== net8.0) (>= net462)) (&& (== net8.0) (< net6.0)) (== netstandard2.0)
      System.Memory (>= 4.5.5) - restriction: || (&& (== net6.0) (>= net462)) (&& (== net7.0) (>= net462)) (&& (== net7.0) (< net6.0)) (&& (== net8.0) (>= net462)) (&& (== net8.0) (< net6.0)) (== netstandard2.0)
    Microsoft.Extensions.ObjectPool (8.0.1) - restriction: || (&& (== net6.0) (< netcoreapp3.0)) (&& (== net7.0) (< netcoreapp3.0)) (&& (== net8.0) (< netcoreapp3.0)) (== netstandard2.0)
    Microsoft.Extensions.Options (8.0.1) - restriction: || (&& (== net6.0) (>= net462)) (&& (== net6.0) (< netcoreapp3.0)) (&& (== net7.0) (>= net462)) (&& (== net7.0) (< netcoreapp3.0)) (&& (== net8.0) (>= net462)) (&& (== net8.0) (< netcoreapp3.0)) (== netstandard2.0)
      Microsoft.Extensions.DependencyInjection.Abstractions (>= 8.0)
      Microsoft.Extensions.Primitives (>= 8.0)
      System.ComponentModel.Annotations (>= 5.0) - restriction: || (&& (== net6.0) (< netstandard2.1)) (&& (== net7.0) (< net6.0)) (&& (== net7.0) (< netstandard2.1)) (&& (== net8.0) (< net6.0)) (&& (== net8.0) (< netstandard2.1)) (== netstandard2.0)
    Microsoft.Extensions.Primitives (8.0) - restriction: || (&& (== net6.0) (>= net462)) (&& (== net6.0) (< netcoreapp3.0)) (&& (== net7.0) (>= net462)) (&& (== net7.0) (< netcoreapp3.0)) (&& (== net8.0) (>= net462)) (&& (== net8.0) (< netcoreapp3.0)) (== netstandard2.0)
      System.Memory (>= 4.5.5) - restriction: || (&& (== net6.0) (>= net462)) (&& (== net7.0) (>= net462)) (&& (== net7.0) (< net6.0)) (&& (== net8.0) (>= net462)) (&& (== net8.0) (< net6.0)) (== netstandard2.0)
      System.Runtime.CompilerServices.Unsafe (>= 6.0) - restriction: || (== net6.0) (&& (== net7.0) (>= net462)) (&& (== net7.0) (< net6.0)) (&& (== net8.0) (>= net462)) (&& (== net8.0) (< net6.0)) (&& (== net8.0) (< net7.0)) (== netstandard2.0)
    Microsoft.Extensions.WebEncoders (8.0.1) - restriction: || (&& (== net6.0) (< netcoreapp3.0)) (&& (== net7.0) (< netcoreapp3.0)) (&& (== net8.0) (< netcoreapp3.0)) (== netstandard2.0)
      Microsoft.Extensions.DependencyInjection.Abstractions (>= 8.0)
      Microsoft.Extensions.Options (>= 8.0.1)
      System.Text.Encodings.Web (>= 8.0) - restriction: || (== net6.0) (== net7.0) (&& (== net8.0) (>= net462)) (== netstandard2.0)
    Microsoft.Net.Http.Headers (8.0.1) - restriction: || (&& (== net6.0) (< netcoreapp3.0)) (&& (== net7.0) (< netcoreapp3.0)) (&& (== net8.0) (< netcoreapp3.0)) (== netstandard2.0)
    Microsoft.NETCore.App.Ref (7.0.15)
    Microsoft.NETCore.App.Runtime.linux-x64 (7.0.15)
    Microsoft.OpenApi (1.6.12)
    Swashbuckle.AspNetCore (6.4)
      Microsoft.Extensions.ApiDescription.Server (>= 6.0.5)
      Swashbuckle.AspNetCore.Swagger (>= 6.4)
      Swashbuckle.AspNetCore.SwaggerGen (>= 6.4)
      Swashbuckle.AspNetCore.SwaggerUI (>= 6.4)
    Swashbuckle.AspNetCore.Swagger (6.5)
      Microsoft.AspNetCore.Routing (>= 2.1) - restriction: || (&& (== net6.0) (< netcoreapp3.0)) (&& (== net7.0) (< netcoreapp3.0)) (&& (== net8.0) (< netcoreapp3.0)) (== netstandard2.0)
      Microsoft.OpenApi (>= 1.2.3)
    Swashbuckle.AspNetCore.SwaggerGen (6.5)
      Microsoft.AspNetCore.Mvc.ApiExplorer (>= 2.1) - restriction: || (&& (== net6.0) (< netcoreapp3.0)) (&& (== net7.0) (< netcoreapp3.0)) (&& (== net8.0) (< netcoreapp3.0)) (== netstandard2.0)
      Microsoft.AspNetCore.Mvc.DataAnnotations (>= 2.1) - restriction: || (&& (== net6.0) (< netcoreapp3.0)) (&& (== net7.0) (< netcoreapp3.0)) (&& (== net8.0) (< netcoreapp3.0)) (== netstandard2.0)
      Swashbuckle.AspNetCore.Swagger (>= 6.5)
      System.Text.Json (>= 4.6) - restriction: || (&& (== net6.0) (< netcoreapp3.0)) (&& (== net7.0) (< netcoreapp3.0)) (&& (== net8.0) (< netcoreapp3.0)) (== netstandard2.0)
    Swashbuckle.AspNetCore.SwaggerUI (6.5)
      Microsoft.AspNetCore.Routing (>= 2.1) - restriction: || (&& (== net6.0) (< netcoreapp3.0)) (&& (== net7.0) (< netcoreapp3.0)) (&& (== net8.0) (< netcoreapp3.0)) (== netstandard2.0)
      Microsoft.AspNetCore.StaticFiles (>= 2.1) - restriction: || (&& (== net6.0) (< netcoreapp3.0)) (&& (== net7.0) (< netcoreapp3.0)) (&& (== net8.0) (< netcoreapp3.0)) (== netstandard2.0)
      Microsoft.Extensions.FileProviders.Embedded (>= 2.1) - restriction: || (&& (== net6.0) (< netcoreapp3.0)) (&& (== net7.0) (< netcoreapp3.0)) (&& (== net8.0) (< netcoreapp3.0)) (== netstandard2.0)
      System.Text.Json (>= 4.6) - restriction: || (&& (== net6.0) (< netcoreapp3.0)) (&& (== net7.0) (< netcoreapp3.0)) (&& (== net8.0) (< netcoreapp3.0)) (== netstandard2.0)
    System.Buffers (4.5.1) - restriction: || (&& (== net6.0) (>= net462)) (&& (== net6.0) (< netcoreapp3.0)) (&& (== net7.0) (>= net462)) (&& (== net7.0) (< netcoreapp3.0)) (&& (== net8.0) (>= net462)) (&& (== net8.0) (< netcoreapp3.0)) (== netstandard2.0)
    System.ComponentModel.Annotations (5.0) - restriction: || (&& (== net6.0) (>= net462)) (&& (== net6.0) (< netcoreapp3.0)) (&& (== net6.0) (< netstandard2.1)) (&& (== net7.0) (>= net462)) (&& (== net7.0) (< netcoreapp3.0)) (&& (== net7.0) (< netstandard2.1)) (&& (== net8.0) (>= net462)) (&& (== net8.0) (< netcoreapp3.0)) (&& (== net8.0) (< netstandard2.1)) (== netstandard2.0)
    System.Diagnostics.DiagnosticSource (8.0) - restriction: || (&& (== net6.0) (>= net462)) (&& (== net6.0) (< netcoreapp3.0)) (&& (== net7.0) (>= net462)) (&& (== net7.0) (< netcoreapp3.0)) (&& (== net8.0) (>= net462)) (&& (== net8.0) (< netcoreapp3.0)) (== netstandard2.0)
      System.Memory (>= 4.5.5) - restriction: || (&& (== net6.0) (>= net462)) (&& (== net7.0) (>= net462)) (&& (== net7.0) (< net6.0)) (&& (== net8.0) (>= net462)) (&& (== net8.0) (< net6.0)) (== netstandard2.0)
      System.Runtime.CompilerServices.Unsafe (>= 6.0) - restriction: || (== net6.0) (&& (== net7.0) (>= net462)) (&& (== net7.0) (< net6.0)) (&& (== net8.0) (>= net462)) (&& (== net8.0) (< net6.0)) (&& (== net8.0) (< net7.0)) (== netstandard2.0)
    System.IO.Pipelines (8.0) - restriction: || (&& (== net6.0) (>= net461)) (&& (== net6.0) (< netcoreapp3.0)) (&& (== net7.0) (>= net461)) (&& (== net7.0) (< netcoreapp3.0)) (&& (== net8.0) (>= net461)) (&& (== net8.0) (< netcoreapp3.0)) (== netstandard2.0)
      System.Buffers (>= 4.5.1) - restriction: || (&& (== net6.0) (>= net462)) (&& (== net7.0) (>= net462)) (&& (== net7.0) (< net6.0)) (&& (== net8.0) (>= net462)) (&& (== net8.0) (< net6.0)) (== netstandard2.0)
      System.Memory (>= 4.5.5) - restriction: || (&& (== net6.0) (>= net462)) (&& (== net7.0) (>= net462)) (&& (== net7.0) (< net6.0)) (&& (== net8.0) (>= net462)) (&& (== net8.0) (< net6.0)) (== netstandard2.0)
      System.Threading.Tasks.Extensions (>= 4.5.4) - restriction: || (&& (== net6.0) (>= net462)) (&& (== net7.0) (>= net462)) (&& (== net7.0) (< net6.0)) (&& (== net8.0) (>= net462)) (&& (== net8.0) (< net6.0)) (== netstandard2.0)
    System.Memory (4.5.5) - restriction: || (&& (== net6.0) (>= net462)) (&& (== net6.0) (< netcoreapp3.0)) (&& (== net7.0) (>= net462)) (&& (== net7.0) (< netcoreapp3.0)) (&& (== net8.0) (>= net462)) (&& (== net8.0) (< netcoreapp3.0)) (== netstandard2.0)
      System.Buffers (>= 4.5.1) - restriction: || (&& (== net6.0) (>= monotouch)) (&& (== net6.0) (>= net461)) (&& (== net6.0) (< netcoreapp2.0)) (&& (== net6.0) (< netstandard1.1)) (&& (== net6.0) (< netstandard2.0)) (&& (== net6.0) (>= xamarinios)) (&& (== net6.0) (>= xamarinmac)) (&& (== net6.0) (>= xamarintvos)) (&& (== net6.0) (>= xamarinwatchos)) (&& (== net7.0) (>= monotouch)) (&& (== net7.0) (>= net461)) (&& (== net7.0) (< netcoreapp2.0)) (&& (== net7.0) (< netstandard1.1)) (&& (== net7.0) (< netstandard2.0)) (&& (== net7.0) (>= xamarinios)) (&& (== net7.0) (>= xamarinmac)) (&& (== net7.0) (>= xamarintvos)) (&& (== net7.0) (>= xamarinwatchos)) (&& (== net8.0) (>= monotouch)) (&& (== net8.0) (>= net461)) (&& (== net8.0) (< netcoreapp2.0)) (&& (== net8.0) (< netstandard1.1)) (&& (== net8.0) (< netstandard2.0)) (&& (== net8.0) (>= xamarinios)) (&& (== net8.0) (>= xamarinmac)) (&& (== net8.0) (>= xamarintvos)) (&& (== net8.0) (>= xamarinwatchos)) (== netstandard2.0)
      System.Numerics.Vectors (>= 4.4) - restriction: || (&& (== net6.0) (< netcoreapp2.0)) (&& (== net7.0) (< netcoreapp2.0)) (&& (== net8.0) (< netcoreapp2.0)) (== netstandard2.0)
      System.Runtime.CompilerServices.Unsafe (>= 4.5.3) - restriction: || (&& (== net6.0) (>= monotouch)) (&& (== net6.0) (>= net461)) (&& (== net6.0) (< netcoreapp2.0)) (&& (== net6.0) (< netcoreapp2.1)) (&& (== net6.0) (< netstandard1.1)) (&& (== net6.0) (< netstandard2.0)) (&& (== net6.0) (>= uap10.1)) (&& (== net6.0) (>= xamarinios)) (&& (== net6.0) (>= xamarinmac)) (&& (== net6.0) (>= xamarintvos)) (&& (== net6.0) (>= xamarinwatchos)) (&& (== net7.0) (>= monotouch)) (&& (== net7.0) (>= net461)) (&& (== net7.0) (< netcoreapp2.0)) (&& (== net7.0) (< netcoreapp2.1)) (&& (== net7.0) (< netstandard1.1)) (&& (== net7.0) (< netstandard2.0)) (&& (== net7.0) (>= uap10.1)) (&& (== net7.0) (>= xamarinios)) (&& (== net7.0) (>= xamarinmac)) (&& (== net7.0) (>= xamarintvos)) (&& (== net7.0) (>= xamarinwatchos)) (&& (== net8.0) (>= monotouch)) (&& (== net8.0) (>= net461)) (&& (== net8.0) (< netcoreapp2.0)) (&& (== net8.0) (< netcoreapp2.1)) (&& (== net8.0) (< netstandard1.1)) (&& (== net8.0) (< netstandard2.0)) (&& (== net8.0) (>= uap10.1)) (&& (== net8.0) (>= xamarinios)) (&& (== net8.0) (>= xamarinmac)) (&& (== net8.0) (>= xamarintvos)) (&& (== net8.0) (>= xamarinwatchos)) (== netstandard2.0)
    System.Numerics.Vectors (4.5) - restriction: || (&& (== net6.0) (>= net462)) (&& (== net6.0) (< netcoreapp2.0)) (&& (== net7.0) (>= net462)) (&& (== net7.0) (< netcoreapp2.0)) (&& (== net8.0) (>= net462)) (&& (== net8.0) (< netcoreapp2.0)) (== netstandard2.0)
    System.Runtime.CompilerServices.Unsafe (6.0) - restriction: || (&& (== net6.0) (>= net462)) (&& (== net6.0) (< netcoreapp3.0)) (&& (== net7.0) (>= net462)) (&& (== net7.0) (< netcoreapp3.0)) (&& (== net8.0) (>= net462)) (&& (== net8.0) (< netcoreapp3.0)) (== netstandard2.0)
    System.Text.Encodings.Web (8.0) - restriction: || (&& (== net6.0) (>= net462)) (&& (== net6.0) (< netcoreapp3.0)) (&& (== net7.0) (>= net462)) (&& (== net7.0) (< netcoreapp3.0)) (&& (== net8.0) (>= net462)) (&& (== net8.0) (< netcoreapp3.0)) (== netstandard2.0)
      System.Buffers (>= 4.5.1) - restriction: || (&& (== net6.0) (>= net462)) (&& (== net7.0) (>= net462)) (&& (== net7.0) (< net6.0)) (&& (== net8.0) (>= net462)) (&& (== net8.0) (< net6.0)) (== netstandard2.0)
      System.Memory (>= 4.5.5) - restriction: || (&& (== net6.0) (>= net462)) (&& (== net7.0) (>= net462)) (&& (== net7.0) (< net6.0)) (&& (== net8.0) (>= net462)) (&& (== net8.0) (< net6.0)) (== netstandard2.0)
      System.Runtime.CompilerServices.Unsafe (>= 6.0) - restriction: || (== net6.0) (&& (== net7.0) (>= net462)) (&& (== net7.0) (< net6.0)) (&& (== net8.0) (>= net462)) (&& (== net8.0) (< net6.0)) (&& (== net8.0) (< net7.0)) (== netstandard2.0)
    System.Text.Json (8.0.1) - restriction: || (&& (== net6.0) (>= net462)) (&& (== net6.0) (< netcoreapp3.0)) (&& (== net7.0) (>= net462)) (&& (== net7.0) (< netcoreapp3.0)) (&& (== net8.0) (>= net462)) (&& (== net8.0) (< netcoreapp3.0)) (== netstandard2.0)
      Microsoft.Bcl.AsyncInterfaces (>= 8.0) - restriction: || (&& (== net6.0) (>= net462)) (&& (== net7.0) (>= net462)) (&& (== net7.0) (< net6.0)) (&& (== net8.0) (>= net462)) (&& (== net8.0) (< net6.0)) (== netstandard2.0)
      System.Buffers (>= 4.5.1) - restriction: || (&& (== net6.0) (>= net462)) (&& (== net7.0) (>= net462)) (&& (== net7.0) (< net6.0)) (&& (== net8.0) (>= net462)) (&& (== net8.0) (< net6.0)) (== netstandard2.0)
      System.Memory (>= 4.5.5) - restriction: || (&& (== net6.0) (>= net462)) (&& (== net7.0) (>= net462)) (&& (== net7.0) (< net6.0)) (&& (== net8.0) (>= net462)) (&& (== net8.0) (< net6.0)) (== netstandard2.0)
      System.Runtime.CompilerServices.Unsafe (>= 6.0) - restriction: || (== net6.0) (&& (== net7.0) (>= net462)) (&& (== net7.0) (< net6.0)) (&& (== net8.0) (>= net462)) (&& (== net8.0) (< net6.0)) (&& (== net8.0) (< net7.0)) (== netstandard2.0)
      System.Text.Encodings.Web (>= 8.0)
      System.Threading.Tasks.Extensions (>= 4.5.4) - restriction: || (&& (== net6.0) (>= net462)) (&& (== net7.0) (>= net462)) (&& (== net7.0) (< net6.0)) (&& (== net8.0) (>= net462)) (&& (== net8.0) (< net6.0)) (== netstandard2.0)
    System.Threading.Tasks.Extensions (4.5.4) - restriction: || (&& (== net6.0) (>= net462)) (&& (== net6.0) (< netcoreapp3.0)) (&& (== net7.0) (>= net462)) (&& (== net7.0) (< netcoreapp3.0)) (&& (== net8.0) (>= net462)) (&& (== net8.0) (< netcoreapp3.0)) (== netstandard2.0)
      System.Runtime.CompilerServices.Unsafe (>= 4.5.3) - restriction: || (&& (== net6.0) (>= net461)) (&& (== net6.0) (< netcoreapp2.1)) (&& (== net6.0) (< netstandard1.0)) (&& (== net6.0) (< netstandard2.0)) (&& (== net6.0) (>= wp8)) (&& (== net7.0) (>= net461)) (&& (== net7.0) (< netcoreapp2.1)) (&& (== net7.0) (< netstandard1.0)) (&& (== net7.0) (< netstandard2.0)) (&& (== net7.0) (>= wp8)) (&& (== net8.0) (>= net461)) (&& (== net8.0) (< netcoreapp2.1)) (&& (== net8.0) (< netstandard1.0)) (&& (== net8.0) (< netstandard2.0)) (&& (== net8.0) (>= wp8)) (== netstandard2.0)
